GEM
  remote: https://rubygems.org/
  specs:
    backports (3.6.8)
    buttercms-ruby (1.0.6)
      rest-client (>= 1.7.0, < 2)
    mime-types (2.99.2)
    multi_json (1.12.1)
    netrc (0.11.0)
    puma (3.4.0-java)
    rack (1.6.4)
    rack-protection (1.5.3)
      rack
    rack-test (0.6.3)
      rack (>= 1.0)
    rake (11.2.2)
    rest-client (1.7.3)
      mime-types (>= 1.16, < 3.0)
      netrc (~> 0.7)
    sinatra (1.4.7)
      rack (~> 1.5)
      rack-protection (~> 1.4)
      tilt (>= 1.3, < 3)
    sinatra-contrib (1.4.7)
      backports (>= 2.0)
      multi_json
      rack-protection
      rack-test
      sinatra (~> 1.4.0)
      tilt (>= 1.3, < 3)
    tilt (2.0.5)

PLATFORMS
  java

DEPENDENCIES
  buttercms-ruby (~> 1.0.5)
  puma
  rake
  rest-client (= 1.7.3)
  sinatra
  sinatra-contrib

RUBY VERSION
   ruby 1.9.3p392 (jruby 1.7.16)

BUNDLED WITH
   1.12.5
